GEM
  remote: https://rubygems.org/
  specs:
    kitchen-vagrant (0.15.0)
      test-kitchen (~> 1.0)
    mixlib-shellout (1.6.0)
    net-scp (1.2.1)
      net-ssh (>= 2.6.5)
    net-ssh (2.9.1)
    safe_yaml (1.0.4)
    test-kitchen (1.2.1)
      mixlib-shellout (~> 1.2)
      net-scp (~> 1.1)
      net-ssh (~> 2.7)
      safe_yaml (~> 1.0)
      thor (~> 0.18)
    thor (0.19.1)

PLATFORMS
  ruby

DEPENDENCIES
  kitchen-vagrant
  test-kitchen
